GEM
  remote: https://rubygems.org/
  specs:
    codeclimate-test-reporter (0.3.0)
      simplecov (>= 0.7.1, < 1.0.0)
    docile (1.1.5)
    flay (2.5.0)
      ruby_parser (~> 3.0)
      sexp_processor (~> 4.0)
    flog (4.2.1)
      ruby_parser (~> 3.1, > 3.1.0)
      sexp_processor (~> 4.4)
    hashr (0.0.22)
    hoe (3.12.0)
      rake (>= 0.8, < 11.0)
    hoe-travis (1.2)
      hoe (~> 3.0)
      travis-lint (~> 1.2)
    minitest (5.4.0)
    multi_json (1.10.1)
    psych (2.1.1)
    rake (10.3.2)
    rake-compiler (0.9.2)
      rake
    ruby_parser (3.6.1)
      sexp_processor (~> 4.1)
    safe_yaml (0.9.7)
    sexp_processor (4.4.3)
    simplecov (0.8.2)
      docile (~> 1.1.0)
      multi_json
      simplecov-html (~> 0.8.0)
    simplecov-html (0.8.0)
    travis-lint (1.8.0)
      hashr (~> 0.0.22)
      safe_yaml (~> 0.9.0)

PLATFORMS
  ruby

DEPENDENCIES
  codeclimate-test-reporter
  flay
  flog
  hoe
  hoe-travis
  minitest (~> 5.0)
  psych
  rake
  rake-compiler

BUNDLED WITH
   1.12.5
