GEM
  remote: https://rubygems.org/
  specs:
    ParseTree (3.0.8)
      RubyInline (>= 3.7.0)
      sexp_processor (>= 3.0.0)
    RubyInline (3.12.2)
      ZenTest (~> 4.3)
    ZenTest (4.10.0)
    flay (2.4.0)
      ruby_parser (~> 3.0)
      sexp_processor (~> 4.0)
    flog (4.2.0)
      ruby_parser (~> 3.1, > 3.1.0)
      sexp_processor (~> 4.4)
    heckle (1.4.3)
      ParseTree (>= 2.0.0)
      ZenTest (>= 3.5.2)
      ruby2ruby (>= 1.1.6)
    hoe (3.11.0)
      rake (>= 0.8, < 11.0)
    json (1.7.7)
    minitest (5.3.3)
    nmatrix (0.1.0.rc4)
      rdoc (>= 4.0.1)
    rake (10.2.2)
    rdoc (4.1.0)
      json (~> 1.4)
    ruby2ruby (2.1.0)
      ruby_parser (~> 3.1)
      sexp_processor (~> 4.0)
    ruby_parser (3.6.0)
      sexp_processor (~> 4.1)
    sexp_processor (4.4.3)

PLATFORMS
  ruby

DEPENDENCIES
  flay
  flog
  heckle
  hoe
  minitest
  nmatrix
